PATH
  remote: .
  specs:
    nest_thermostat (0.0.4)
      httparty (>= 0.8.3)

GEM
  remote: https://rubygems.org/
  specs:
    awesome_print (1.0.2)
    coderay (1.0.9)
    diff-lcs (1.1.3)
    dotenv (0.6.0)
    httparty (0.13.3)
      json (~> 1.8)
      multi_xml (>= 0.5.2)
    json (1.8.1)
    method_source (0.8.1)
    multi_xml (0.5.5)
    pry (0.9.12)
      coderay (~> 1.0.5)
      method_source (~> 0.8)
      slop (~> 3.4)
    rspec (2.10.0)
      rspec-core (~> 2.10.0)
      rspec-expectations (~> 2.10.0)
      rspec-mocks (~> 2.10.0)
    rspec-core (2.10.1)
    rspec-expectations (2.10.0)
      diff-lcs (~> 1.1.3)
    rspec-mocks (2.10.1)
    slop (3.4.4)

PLATFORMS
  ruby

DEPENDENCIES
  awesome_print
  dotenv
  nest_thermostat!
  pry
  rspec (~> 2.10)
